GIT
  remote: git://github.com/jruby/warbler.git
  revision: 1edf32a8cf40312eab488e4d80a8f71c162600f2
  specs:
    warbler (1.3.5.dev)
      jruby-jars (>= 1.4.0)
      jruby-rack (>= 1.0.0)
      rake (>= 0.8.7)
      rubyzip (>= 0.9.4)

GEM
  remote: http://rubygems.org/
  specs:
    jruby-jars (1.6.7)
    jruby-rack (1.1.4)
    rack (1.4.1)
    rake (0.9.2.2)
    rubyzip (0.9.6.1)

PLATFORMS
  java

DEPENDENCIES
  rack
  warbler!
